GEM
  remote: https://rubygems.org/
  specs:
    coderay (1.1.2)
    dotenv (2.6.0)
    haml (5.0.4)
      temple (>= 0.8.0)
      tilt
    method_source (0.9.2)
    pry (0.12.2)
      coderay (~> 1.1.0)
      method_source (~> 0.9.0)
    temple (0.8.0)
    tilt (2.0.9)

PLATFORMS
  ruby

DEPENDENCIES
  dotenv
  haml
  pry

BUNDLED WITH
   1.17.0.pre.2
