GEM
  remote: https://rubygems.org/
  specs:
    citrus (3.0.2)
    coderay (1.1.2)
    concurrent-ruby (1.0.5)
    dotenv (2.5.0)
    faraday (0.15.3)
      multipart-post (>= 1.2, < 3)
    faraday_middleware (0.12.2)
      faraday (>= 0.7.4, < 1.0)
    haml (5.0.4)
      temple (>= 0.8.0)
      tilt
    method_source (0.9.0)
    mini_portile2 (2.3.0)
    multipart-post (2.0.0)
    nokogiri (1.8.5)
      mini_portile2 (~> 2.3.0)
    pry (0.11.3)
      coderay (~> 1.1.0)
      method_source (~> 0.9.0)
    rake (12.3.1)
    temple (0.8.0)
    tilt (2.0.8)
    toml-rb (1.1.2)
      citrus (~> 3.0, > 3.0)

PLATFORMS
  ruby

DEPENDENCIES
  concurrent-ruby
  dotenv
  faraday
  faraday_middleware
  haml
  nokogiri
  pry
  rake
  toml-rb

RUBY VERSION
   ruby 2.5.1p57

BUNDLED WITH
   1.17.0.pre.2
