GEM
  remote: https://rubygems.org/
  specs:
    citrus (3.0.2)
    coderay (1.1.2)
    concurrent-ruby (1.1.4)
    faraday (0.15.4)
      multipart-post (>= 1.2, < 3)
    faraday_middleware (0.13.1)
      faraday (>= 0.7.4, < 1.0)
    method_source (0.9.2)
    multipart-post (2.0.0)
    pry (0.12.2)
      coderay (~> 1.1.0)
      method_source (~> 0.9.0)
    toml-rb (1.1.2)
      citrus (~> 3.0, > 3.0)

PLATFORMS
  ruby

DEPENDENCIES
  concurrent-ruby
  faraday
  faraday_middleware
  pry
  toml-rb

BUNDLED WITH
   1.17.0.pre.2
